GIT
  remote: git://github.com/thomas-mcdonald/bootstrap-sass.git
  revision: 99d5746f653e4d5fdccc5cb8d278b32b0b2c6bce
  specs:
    bootstrap-sass (3.0.3.0)
      sass (~> 3.2)

GEM
  remote: https://rubygems.org/
  specs:
    actionpack (4.0.1)
      activesupport (= 4.0.1)
      builder (~> 3.1.0)
      erubis (~> 2.7.0)
      rack (~> 1.5.2)
      rack-test (~> 0.6.2)
    activesupport (4.0.1)
      i18n (~> 0.6, >= 0.6.4)
      minitest (~> 4.2)
      multi_json (~> 1.3)
      thread_safe (~> 0.1)
      tzinfo (~> 0.3.37)
    atomic (1.1.14)
    blankslate (2.1.2.4)
    builder (3.1.4)
    classifier (1.3.4)
      fast-stemmer (>= 1.0.0)
    colorator (0.1)
    commander (4.1.5)
      highline (~> 1.6.11)
    dotenv (0.9.0)
    erubis (2.7.0)
    execjs (2.0.2)
    fast-stemmer (1.0.2)
    ffi (1.9.3)
    font-awesome-sass (4.0.2)
      sass-rails (>= 3.1.1)
    highline (1.6.20)
    hike (1.2.3)
    i18n (0.6.5)
    jekyll (1.4.3)
      classifier (~> 1.3)
      colorator (~> 0.1)
      commander (~> 4.1.3)
      liquid (~> 2.5.5)
      listen (~> 1.3)
      maruku (~> 0.7.0)
      pygments.rb (~> 0.5.0)
      redcarpet (~> 2.3.0)
      safe_yaml (~> 0.9.7)
      toml (~> 0.1.0)
    jekyll-assets (0.7.4)
      jekyll (~> 1.0)
      sprockets (~> 2.10)
    libv8 (3.16.14.3)
    liquid (2.5.5)
    listen (1.3.1)
      rb-fsevent (>= 0.9.3)
      rb-inotify (>= 0.9)
      rb-kqueue (>= 0.2)
    maruku (0.7.1)
    minitest (4.7.5)
    multi_json (1.8.2)
    parslet (1.5.0)
      blankslate (~> 2.0)
    posix-spawn (0.3.8)
    pygments.rb (0.5.4)
      posix-spawn (~> 0.3.6)
      yajl-ruby (~> 1.1.0)
    rack (1.5.2)
    rack-test (0.6.2)
      rack (>= 1.0)
    railties (4.0.1)
      actionpack (= 4.0.1)
      activesupport (= 4.0.1)
      rake (>= 0.8.7)
      thor (>= 0.18.1, < 2.0)
    rake (10.1.0)
    rb-fsevent (0.9.4)
    rb-inotify (0.9.3)
      ffi (>= 0.5.0)
    rb-kqueue (0.2.0)
      ffi (>= 0.5.0)
    redcarpet (2.3.0)
    ref (1.0.5)
    safe_yaml (0.9.7)
    sass (3.2.12)
    sass-rails (4.0.1)
      railties (>= 4.0.0, < 5.0)
      sass (>= 3.1.10)
      sprockets-rails (~> 2.0.0)
    sprockets (2.10.1)
      hike (~> 1.2)
      multi_json (~> 1.0)
      rack (~> 1.0)
      tilt (~> 1.1, != 1.3.0)
    sprockets-rails (2.0.1)
      actionpack (>= 3.0)
      activesupport (>= 3.0)
      sprockets (~> 2.8)
    therubyracer (0.12.0)
      libv8 (~> 3.16.14.0)
      ref
    thor (0.18.1)
    thread_safe (0.1.3)
      atomic
    tilt (1.4.1)
    toml (0.1.0)
      parslet (~> 1.5.0)
    tzinfo (0.3.38)
    uglifier (2.2.1)
      execjs (>= 0.3.0)
      multi_json (~> 1.0, >= 1.0.2)
    yajl-ruby (1.1.0)

PLATFORMS
  ruby

DEPENDENCIES
  bootstrap-sass (~> 3.0.3.0)!
  dotenv (~> 0.9.0)
  font-awesome-sass (~> 4.0.2)
  jekyll (~> 1.4.0)
  jekyll-assets (~> 0.7.4)
  liquid (~> 2.5.3)
  maruku (~> 0.7.0)
  rb-fsevent (~> 0.9.3)
  redcarpet (~> 2.3.0)
  sass (~> 3.2.12)
  therubyracer
  uglifier (~> 2.2.1)
